PATH
  remote: .
  specs:
    ruby-bbcode (2.1.1)
      activesupport (>= 4.2.2)

GEM
  remote: http://rubygems.org/
  specs:
    activesupport (6.1.7.6)
      concurrent-ruby (~> 1.0, >= 1.0.2)
      i18n (>= 1.6, < 2)
      minitest (>= 5.1)
      tzinfo (~> 2.0)
      zeitwerk (~> 2.3)
    ast (2.4.2)
    concurrent-ruby (1.2.2)
    docile (1.4.0)
    i18n (1.14.1)
      concurrent-ruby (~> 1.0)
    irb (1.0.0)
    minitest (5.18.0)
    mustermann (2.0.2)
      ruby2_keywords (~> 0.0.1)
    parser (2.7.2.0)
      ast (~> 2.4.1)
    rack (2.2.8.1)
    rack-protection (2.2.4)
      rack
    rake (13.0.6)
    rdoc (6.3.2)
    ruby2_keywords (0.0.5)
    simplecov (0.21.2)
      docile (~> 1.1)
      simplecov-html (~> 0.11)
      simplecov_json_formatter (~> 0.1)
    simplecov-html (0.12.3)
    simplecov-lcov (0.8.0)
    simplecov_json_formatter (0.1.3)
    sinatra (2.2.4)
      mustermann (~> 2.0)
      rack (~> 2.2)
      rack-protection (= 2.2.4)
      tilt (~> 2.0)
    solargraph (0.13.0)
      parser (~> 2.4)
      sinatra (~> 2)
      thor (~> 0.19, >= 0.19.4)
      yard (~> 0.9)
    sync (0.5.0)
    term-ansicolor (1.7.1)
      tins (~> 1.0)
    thor (0.20.3)
    tilt (2.2.0)
    tins (1.29.1)
      sync
    tzinfo (2.0.5)
      concurrent-ruby (~> 1.0)
    yard (0.9.35)
    zeitwerk (2.6.11)

PLATFORMS
  ruby

DEPENDENCIES
  irb
  minitest
  rake
  rdoc
  ruby-bbcode!
  simplecov
  simplecov-lcov
  solargraph
  term-ansicolor
  tzinfo

BUNDLED WITH
   2.4.13
