PATH
  remote: .
  specs:
    ruby-bbcode (0.0.3)
      activesupport

GEM
  remote: http://rubygems.org/
  specs:
    activesupport (3.2.11)
      i18n (~> 0.6)
      multi_json (~> 1.0)
    coderay (1.0.8)
    i18n (0.6.1)
    method_source (0.8.1)
    multi_json (1.5.0)
    pry (0.9.12)
      coderay (~> 1.0.5)
      method_source (~> 0.8)
      slop (~> 3.4)
    rake (10.0.3)
    slop (3.4.3)
    tzinfo (0.3.31)

PLATFORMS
  ruby

DEPENDENCIES
  pry
  rake
  ruby-bbcode!
  tzinfo
